GEM
  remote: http://rubygems.org/
  specs:
    activesupport (4.0.2)
      i18n (~> 0.6, >= 0.6.4)
      minitest (~> 4.2)
      multi_json (~> 1.3)
      thread_safe (~> 0.1)
      tzinfo (~> 0.3.37)
    atomic (1.1.14)
    daemons (1.1.9)
    eventmachine (1.0.3)
    i18n (0.6.9)
    mail (2.2.7)
      activesupport (>= 2.3.6)
      mime-types
      treetop (>= 1.4.5)
    mime-types (2.0)
    minitest (4.7.5)
    multi_json (1.8.4)
    polyglot (0.3.3)
    rack (1.5.2)
    rack-cache (1.2)
      rack (>= 0.4)
    thin (1.6.1)
      daemons (>= 1.0.9)
      eventmachine (>= 1.0.0)
      rack (>= 1.0.0)
    thread_safe (0.1.3)
      atomic
    treetop (1.4.15)
      polyglot
      polyglot (>= 0.3.1)
    trenni (1.2.0)
    tzinfo (0.3.38)
    utopia (0.12.2)
      mail
      mime-types
      rack (~> 1.4)
      rack-cache
      trenni (~> 1.2.0)

PLATFORMS
  ruby

DEPENDENCIES
  thin
  utopia (~> 0.12.2)
